GIT
  remote: https://github.com/fgrehm/vagrant-cachier.git
  revision: 6e160ba4cbfc197f8fff1db385fb9d6b9463eba1
  specs:
    vagrant-cachier (0.7.2)

GIT
  remote: https://github.com/fgrehm/vagrant-pristine.git
  revision: 503dbc47848c81d0fbfa6840491856f518d244a1
  specs:
    vagrant-pristine (0.3.0)

GIT
  remote: https://github.com/mitchellh/vagrant-spec.git
  revision: c0dafc996165bf1628b672dd533f1858ff66fe4a
  specs:
    vagrant-spec (0.0.1)
      childprocess (~> 0.5.0)
      log4r (~> 1.1.9)
      rspec (~> 2.14)
      thor (~> 0.18.1)

GIT
  remote: https://github.com/mitchellh/vagrant.git
  revision: 9475ed9a50650b88db444ac07a7034775d3b814e
  specs:
    vagrant (1.6.2)
      bundler (>= 1.5.2, < 1.7.0)
      childprocess (~> 0.5.0)
      erubis (~> 2.7.0)
      i18n (~> 0.6.0)
      listen (~> 2.7.1)
      log4r (~> 1.1.9, < 1.1.11)
      net-scp (~> 1.1.0)
      net-ssh (>= 2.6.6, < 2.10.0)
      rb-kqueue (~> 0.2.0)
      wdm (~> 0.1.0)
      winrm (~> 1.1.3)

PATH
  remote: .
  specs:
    vagrant-lxc (1.0.0.beta.1.dev)

GEM
  remote: https://rubygems.org/
  specs:
    akami (1.2.2)
      gyoku (>= 0.4.0)
      nokogiri
    builder (3.2.2)
    celluloid (0.15.2)
      timers (~> 1.1.0)
    celluloid-io (0.15.0)
      celluloid (>= 0.15.0)
      nio4r (>= 0.5.0)
    childprocess (0.5.3)
      ffi (~> 1.0, >= 1.0.11)
    coderay (1.1.0)
    coveralls (0.7.0)
      multi_json (~> 1.3)
      rest-client
      simplecov (>= 0.7)
      term-ansicolor
      thor
    diff-lcs (1.2.5)
    docile (1.1.3)
    erubis (2.7.0)
    ffi (1.9.3)
    formatador (0.2.4)
    gssapi (1.0.3)
      ffi (>= 1.0.1)
    guard (2.6.1)
      formatador (>= 0.2.4)
      listen (~> 2.7)
      lumberjack (~> 1.0)
      pry (>= 0.9.12)
      thor (>= 0.18.1)
    guard-rspec (4.2.9)
      guard (~> 2.1)
      rspec (>= 2.14, < 4.0)
    gyoku (1.1.1)
      builder (>= 2.1.2)
    httpclient (2.3.4.1)
    httpi (0.9.7)
      rack
    i18n (0.6.9)
    listen (2.7.4)
      celluloid (>= 0.15.2)
      celluloid-io (>= 0.15.0)
      rb-fsevent (>= 0.9.3)
      rb-inotify (>= 0.9)
    little-plugger (1.1.3)
    log4r (1.1.10)
    logging (1.8.2)
      little-plugger (>= 1.1.3)
      multi_json (>= 1.8.4)
    lumberjack (1.0.5)
    method_source (0.8.2)
    mime-types (2.2)
    mini_portile (0.5.3)
    multi_json (1.10.0)
    net-scp (1.1.2)
      net-ssh (>= 2.6.5)
    net-ssh (2.9.0)
    nio4r (1.0.0)
    nokogiri (1.6.2)
      mini_portile (~> 0.5.2)
    nori (1.1.5)
    pry (0.9.12.6)
      coderay (~> 1.0)
      method_source (~> 0.8)
      slop (~> 3.4)
    rack (1.5.2)
    rake (10.3.1)
    rb-fsevent (0.9.4)
    rb-inotify (0.9.4)
      ffi (>= 0.5.0)
    rb-kqueue (0.2.2)
      ffi (>= 0.5.0)
    rest-client (1.6.7)
      mime-types (>= 1.16)
    rspec (2.99.0.beta2)
      rspec-core (= 2.99.0.beta2)
      rspec-expectations (= 2.99.0.beta2)
      rspec-mocks (= 2.99.0.beta2)
    rspec-core (2.99.0.beta2)
    rspec-expectations (2.99.0.beta2)
      diff-lcs (>= 1.1.3, < 2.0)
    rspec-mocks (2.99.0.beta2)
    rubyntlm (0.1.1)
    savon (0.9.5)
      akami (~> 1.0)
      builder (>= 2.1.2)
      gyoku (>= 0.4.0)
      httpi (~> 0.9)
      nokogiri (>= 1.4.0)
      nori (~> 1.0)
      wasabi (~> 1.0)
    simplecov (0.8.2)
      docile (~> 1.1.0)
      multi_json
      simplecov-html (~> 0.8.0)
    simplecov-html (0.8.0)
    slop (3.5.0)
    term-ansicolor (1.3.0)
      tins (~> 1.0)
    thor (0.18.1)
    timers (1.1.0)
    tins (1.2.0)
    uuidtools (2.1.4)
    vagrant-omnibus (1.4.1)
    wasabi (1.0.0)
      nokogiri (>= 1.4.0)
    wdm (0.1.0)
    winrm (1.1.3)
      gssapi (~> 1.0.0)
      httpclient (~> 2.2, >= 2.2.0.2)
      logging (~> 1.6, >= 1.6.1)
      nokogiri (~> 1.5)
      rubyntlm (~> 0.1.1)
      savon (= 0.9.5)
      uuidtools (~> 2.1.2)

PLATFORMS
  ruby

DEPENDENCIES
  coveralls
  guard
  guard-rspec
  rake
  rb-inotify
  rspec (= 2.99.0.beta2)
  vagrant!
  vagrant-cachier!
  vagrant-lxc!
  vagrant-omnibus
  vagrant-pristine!
  vagrant-spec!
