PATH
  remote: ../
  specs:
    vagrant-lxc (0.0.1)

GEM
  remote: https://rubygems.org/
  specs:

PLATFORMS
  ruby

DEPENDENCIES
  vagrant-lxc!
